PATH
  remote: .
  specs:
    audio_library (0.0.1)
      id3lib-ruby (~> 0)
      rchardet19 (~> 1)
      splat (~> 0)

GEM
  remote: http://rubygems.org/
  specs:
    id3lib-ruby (0.6.0)
    rchardet19 (1.3.5)
    splat (0.1.2)

PLATFORMS
  ruby

DEPENDENCIES
  audio_library!
