PATH
  remote: .
  specs:
    audio_library (0.0.1)

GEM
  remote: http://rubygems.org/
  specs:
    id3lib-ruby (0.6.0)
    rchardet19 (1.3.5)

PLATFORMS
  ruby

DEPENDENCIES
  audio_library!
  id3lib-ruby
  rchardet19
