GEM
  remote: http://rubygems.org/
  specs:
    id3lib-ruby (0.6.0)
    rchardet19 (1.3.5)

PLATFORMS
  ruby

DEPENDENCIES
  id3lib-ruby
  rchardet19
